GEM
  remote: https://rubygems.org/
  specs:
    ansi (1.5.0)
    builder (3.3.0)
    concurrent-ruby (1.2.2)
    minitest (5.25.4)
    minitest-reporters (1.7.1)
      ansi
      builder
      minitest (>= 5.0)
      ruby-progressbar
    prettier_print (1.2.1)
    rake (13.1.0)
    ruby-progressbar (1.13.0)
    stackprof (0.2.25)
    syntax_tree (6.2.0)
      prettier_print (>= 1.2.0)

PLATFORMS
  arm64-darwin-20
  arm64-darwin-21
  arm64-darwin-22
  arm64-darwin-23
  arm64-darwin-24
  x86_64-darwin-20
  x86_64-darwin-21
  x86_64-darwin-22
  x86_64-linux
  x86_64-openbsd

DEPENDENCIES
  concurrent-ruby
  minitest
  minitest-reporters
  rake
  stackprof
  syntax_tree

BUNDLED WITH
   2.3.26
